GEM
  remote: https://rubygems.org/
  specs:
    actionmailer (2.3.14)
      actionpack (= 2.3.14)
    actionpack (2.3.14)
      activesupport (= 2.3.14)
      rack (~> 1.1.0)
    activerecord (2.3.14)
      activesupport (= 2.3.14)
    activerecord-jdbc-adapter (1.1.3)
    activerecord-jdbcpostgresql-adapter (1.1.3)
      activerecord-jdbc-adapter (= 1.1.3)
      jdbc-postgres (~> 9.0.0)
    activeresource (2.3.14)
      activesupport (= 2.3.14)
    activesupport (2.3.14)
    haml (3.1.7)
    hpricot (0.8.6-java)
    jdbc-postgres (9.0.801)
    json (1.7.5-java)
    rack (1.1.3)
    rails (2.3.14)
      actionmailer (= 2.3.14)
      actionpack (= 2.3.14)
      activerecord (= 2.3.14)
      activeresource (= 2.3.14)
      activesupport (= 2.3.14)
      rake (>= 0.8.3)
    rake (10.0.2)
    rdoc (3.12)
      json (~> 1.4)

PLATFORMS
  java

DEPENDENCIES
  activerecord-jdbcpostgresql-adapter (= 1.1.3)
  haml
  hpricot
  rails (= 2.3.14)
  rake
  rdoc
